PATH
  remote: .
  specs:
    emaildirect (2.0.0)
      hashie (<= 2.1.2)
      httparty
      json

GEM
  remote: http://rubygems.org/
  specs:
    hashie (2.1.2)
    httparty (0.15.5)
      multi_xml (>= 0.5.2)
    json (2.1.0)
    multi_xml (0.6.0)

PLATFORMS
  ruby

DEPENDENCIES
  emaildirect!

BUNDLED WITH
   1.14.6
