PATH
  remote: .
  specs:
    emaildirect (3.0.0)
      hashie
      httparty
      json

GEM
  remote: http://rubygems.org/
  specs:
    hashie (5.0.0)
    httparty (0.21.0)
      mini_mime (>= 1.0.0)
      multi_xml (>= 0.5.2)
    json (2.6.2)
    mini_mime (1.1.2)
    multi_xml (0.6.0)
    rake (13.0.6)

PLATFORMS
  ruby

DEPENDENCIES
  emaildirect!
  rake

BUNDLED WITH
   1.17.3
