PATH
  remote: .
  specs:
    emaildirect (3.0.0)
      hashie
      httparty
      json

GEM
  remote: http://rubygems.org/
  specs:
    hashie (5.0.0)
    httparty (0.20.0)
      mime-types (~> 3.0)
      multi_xml (>= 0.5.2)
    json (2.6.2)
    mime-types (3.4.1)
      mime-types-data (~> 3.2015)
    mime-types-data (3.2022.0105)
    multi_xml (0.6.0)
    rake (13.0.6)

PLATFORMS
  ruby

DEPENDENCIES
  emaildirect!
  rake

BUNDLED WITH
   1.17.3
