PATH
  remote: .
  specs:
    emaildirect (1.3.3)
      hashie (>= 3.0.0)
      httparty
      json

GEM
  remote: http://rubygems.org/
  specs:
    hashie (3.3.1)
    httparty (0.13.3)
      json (~> 1.8)
      multi_xml (>= 0.5.2)
    json (1.8.1)
    multi_xml (0.5.5)

PLATFORMS
  ruby

DEPENDENCIES
  emaildirect!
